NUGET
  remote: https://chocolatey.org/api/v2
  specs:
    curl (7.28.1)
    pester (3.3.9)
  remote: https://teamcity.unic.com/httpAuth/app/nuget/v1/FeedService.svc
  specs:
    Unic.Bob.Config (1.1.0)
    Unic.Bob.Keith (1.1.0)
    Unic.Bob.Rubble (1.0.0)
    Unic.Bob.Scoop (1.3.0)
      Unic.Bob.Config
