NUGET
  remote: https://teamcity.unic.com/httpAuth/app/nuget/v1/FeedService.svc
  specs:
    Unic.Bob.Config (0.1.0)
    Unic.Bob.Keith (0.3.0-unstable0002)
    Unic.Bob.Rubble (0.1.0)
  remote: https://chocolatey.org/api/v2
  specs:
    curl (7.28.1)
    pester (3.2.0)
