NUGET
  remote: https://www.nuget.org/api/v2
  specs:
    Pester (3.4.0)
  remote: https://teamcity.unic.com/httpAuth/app/nuget/v1/FeedService.svc
  specs:
    Unic.Bob.Config (1.5.0-unstable0004)
    Unic.Bob.Keith (1.1.0)
    Unic.Bob.Rubble (1.1.0-unstable0017)
    Unic.Bob.Scoop (1.7.0-scmbob-595-0021)
