NUGET
  remote: https://www.nuget.org/api/v2
    Pester (3.4.6)
  remote: https://teamcity.unic.com/httpAuth/app/nuget/v1/FeedService.svc
    Unic.Bob.Config (2.0.0)
    Unic.Bob.Keith (1.1.0)
    Unic.Bob.Rubble (2.0.0)
    Unic.Bob.Scoop (2.7.0-scmbob-703-scmb-0002)
