NUGET
  remote: https://chocolatey.org/api/v2
  specs:
    curl (7.28.1)
    pester (3.3.5)
  remote: https://teamcity.unic.com/httpAuth/app/nuget/v1/FeedService.svc
  specs:
    Unic.Bob.Config (0.1.0)
    Unic.Bob.Keith (0.3.0-unstable0046)
    Unic.Bob.Rubble (0.2.0-unstable0028)
